PATH
  remote: .
  specs:
    linux_stat (0.2.2)

GEM
  remote: https://rubygems.org/
  specs:
    rake (13.0.1)
    rake-compiler (1.1.1)
      rake

PLATFORMS
  ruby

DEPENDENCIES
  linux_stat!
  rake (>= 12.0)
  rake-compiler (~> 1.0)

BUNDLED WITH
   2.1.4
